PATH
  remote: .
  specs:
    script-runner (0.0.2)
      thor

GEM
  remote: https://rubygems.org/
  specs:
    diff-lcs (1.2.4)
    little-plugger (1.1.3)
    logging (1.8.1)
      little-plugger (>= 1.1.3)
      multi_json (>= 1.3.6)
    multi_json (1.7.9)
    rake (10.1.0)
    rspec (2.14.1)
      rspec-core (~> 2.14.0)
      rspec-expectations (~> 2.14.0)
      rspec-mocks (~> 2.14.0)
    rspec-core (2.14.5)
    rspec-expectations (2.14.2)
      diff-lcs (>= 1.1.3, < 2.0)
    rspec-mocks (2.14.3)
    thor (0.18.1)

PLATFORMS
  ruby

DEPENDENCIES
  logging (~> 1.8.1)
  rake (~> 10.1.0)
  rspec (~> 2.6)
  script-runner!
